GEM
  remote: http://rubygems.org/
  specs:
    activesupport (3.1.3)
      multi_json (~> 1.0)
    haml (3.1.4)
    multi_json (1.0.4)
    rack (1.4.0)
    rack-protection (1.2.0)
      rack
    rake (0.9.2.2)
    sass (3.1.12)
    sinatra (1.3.2)
      rack (~> 1.3, >= 1.3.6)
      rack-protection (~> 1.2)
      tilt (~> 1.3, >= 1.3.3)
    sinatra-static-assets (1.0.0)
      sinatra (>= 1.1.0)
    tilt (1.3.3)

PLATFORMS
  ruby

DEPENDENCIES
  activesupport (~> 3.1)
  haml
  rack
  rake
  sass
  sinatra
  sinatra-static-assets
